GEM
  remote: https://rubygems.org/
  specs:
    RedCloth (4.2.9)
    coderay (1.0.9)
    gimli (0.5.5)
      RedCloth (~> 4.2.7)
      coderay (~> 1.0.7)
      github-markup (~> 0.7.4)
      nokogiri (~> 1.5.5)
      optiflag (~> 0.7)
      redcarpet (~> 2.1.1)
      wkhtmltopdf-binary (~> 0.9.9.1)
    github-markup (0.7.5)
    handlebars (0.6.0)
      handlebars-source (~> 1.3.0)
      therubyracer (~> 0.12.0)
    handlebars-source (1.3.0)
    libv8 (3.16.14.7)
    nokogiri (1.5.11)
    optiflag (0.7)
    pdf-core (0.4.0)
    prawn (1.3.0)
      pdf-core (~> 0.4.0)
      ttfunk (~> 1.4.0)
    rake (10.3.2)
    redcarpet (2.1.1)
    ref (1.0.5)
    therubyracer (0.12.1)
      libv8 (~> 3.16.14.0)
      ref
    ttfunk (1.4.0)
    wkhtmltopdf-binary (0.9.9.3)

PLATFORMS
  ruby

DEPENDENCIES
  gimli
  handlebars
  prawn
  rake
